GIT
  remote: git://github.com/Springest/jquery-fileupload-rails.git
  revision: 2ebfdf1cc9a768f36420aaad9668ba68f2a5943b
  specs:
    jquery-fileupload-rails (0.4.2)
      actionpack (>= 4)
      railties (>= 4)

GIT
  remote: git://github.com/doabit/semantic-ui-sass.git
  revision: 867150f9380e9793b5c9e054746442ff6bf1b934
  specs:
    semantic-ui-sass (2.0.7.0)
      sass (>= 3.2)

PATH
  remote: .
  specs:
    batch_videos_uploader (0.0.1)
      jquery-rails (~> 3.1.1)
      rails (~> 4.1.0)
      typescript-rails (~> 0.6.1)
      vzaar (~> 1.5.3)

GEM
  remote: https://rubygems.org/
  specs:
    actionmailer (4.1.13)
      actionpack (= 4.1.13)
      actionview (= 4.1.13)
      mail (~> 2.5, >= 2.5.4)
    actionpack (4.1.13)
      actionview (= 4.1.13)
      activesupport (= 4.1.13)
      rack (~> 1.5.2)
      rack-test (~> 0.6.2)
    actionview (4.1.13)
      activesupport (= 4.1.13)
      builder (~> 3.1)
      erubis (~> 2.7.0)
    activemodel (4.1.13)
      activesupport (= 4.1.13)
      builder (~> 3.1)
    activerecord (4.1.13)
      activemodel (= 4.1.13)
      activesupport (= 4.1.13)
      arel (~> 5.0.0)
    activesupport (4.1.13)
      i18n (~> 0.6, >= 0.6.9)
      json (~> 1.7, >= 1.7.7)
      minitest (~> 5.1)
      thread_safe (~> 0.1)
      tzinfo (~> 1.1)
    addressable (2.3.8)
    arel (5.0.1.20140414130214)
    builder (3.2.2)
    byebug (5.0.0)
      columnize (= 0.9.0)
    coderay (1.1.0)
    columnize (0.9.0)
    dragonfly (1.0.11)
      addressable (~> 2.3)
      multi_json (~> 1.0)
      rack (>= 1.3.0)
    erubis (2.7.0)
    httpclient (2.6.0.1)
    i18n (0.7.0)
    jquery-rails (3.1.4)
      railties (>= 3.0, < 5.0)
      thor (>= 0.14, < 2.0)
    json (1.8.3)
    mail (2.6.3)
      mime-types (>= 1.16, < 3)
    method_source (0.8.2)
    mime-types (2.6.1)
    mini_portile (0.6.2)
    minitest (5.8.0)
    multi_json (1.11.2)
    nokogiri (1.6.6.2)
      mini_portile (~> 0.6.0)
    oauth (0.4.7)
    pry (0.10.1)
      coderay (~> 1.1.0)
      method_source (~> 0.8.1)
      slop (~> 3.4)
    pry-byebug (3.2.0)
      byebug (~> 5.0)
      pry (~> 0.10)
    pry-rails (0.3.4)
      pry (>= 0.9.10)
    rack (1.5.5)
    rack-test (0.6.3)
      rack (>= 1.0)
    rails (4.1.13)
      actionmailer (= 4.1.13)
      actionpack (= 4.1.13)
      actionview (= 4.1.13)
      activemodel (= 4.1.13)
      activerecord (= 4.1.13)
      activesupport (= 4.1.13)
      bundler (>= 1.3.0, < 2.0)
      railties (= 4.1.13)
      sprockets-rails (~> 2.0)
    railties (4.1.13)
      actionpack (= 4.1.13)
      activesupport (= 4.1.13)
      rake (>= 0.8.7)
      thor (>= 0.18.1, < 2.0)
    rake (10.4.2)
    remotipart (1.2.1)
    sass (3.4.18)
    slop (3.6.0)
    sprockets (3.3.4)
      rack (~> 1.0)
    sprockets-rails (2.3.2)
      actionpack (>= 3.0)
      activesupport (>= 3.0)
      sprockets (>= 2.8, < 4.0)
    sqlite3 (1.3.10)
    thor (0.19.1)
    thread_safe (0.3.5)
    tilt (2.0.1)
    typescript-node (1.4.1)
      typescript-src (~> 1.4.1)
    typescript-rails (0.6.1)
      railties
      tilt
      typescript-node (>= 1.4.1)
    typescript-src (1.4.1.3)
    tzinfo (1.2.2)
      thread_safe (~> 0.1)
    vzaar (1.5.3)
      httpclient (~> 2.3)
      nokogiri (~> 1.6)
      oauth (~> 0.4)

PLATFORMS
  ruby

DEPENDENCIES
  batch_videos_uploader!
  byebug
  dragonfly
  jquery-fileupload-rails!
  pry-byebug
  pry-rails
  remotipart (~> 1.2)
  semantic-ui-sass!
  sqlite3

BUNDLED WITH
   1.10.6
